GEM
  remote: https://rubygems.org/
  specs:
    ruby-opencv (0.0.13)

PLATFORMS
  ruby

DEPENDENCIES
  ruby-opencv
